GEM
  remote: https://rubygems.org/
  specs:
    diff-lcs (1.2.5)
    metaclass (0.0.4)
    mocha (1.0.0)
      metaclass (~> 0.0.1)
    puppet-lint (0.3.2)
    puppet-module (0.3.4)
    puppetlabs_spec_helper (0.4.1)
      mocha (>= 0.10.5)
      rake
      rspec (>= 2.9.0)
      rspec-puppet (>= 0.1.1)
    rake (10.1.1)
    rspec (2.14.1)
      rspec-core (~> 2.14.0)
      rspec-expectations (~> 2.14.0)
      rspec-mocks (~> 2.14.0)
    rspec-core (2.14.8)
    rspec-expectations (2.14.5)
      diff-lcs (>= 1.1.3, < 2.0)
    rspec-mocks (2.14.6)
    rspec-puppet (1.0.1)
      rspec

PLATFORMS
  x86-mingw32

DEPENDENCIES
  puppet-lint
  puppet-module
  puppetlabs_spec_helper
